GIT
  remote: https://github.com/Shopify/capistrano-ejson
  revision: 51665d2dc7c71a7a3ad19070be993582f19b949b
  ref: 51665d2dc7c71a7a3ad19070be993582f19b949b
  specs:
    capistrano-ejson (1.0.1)
      capistrano (~> 3.1)
      ejson (~> 1.0, >= 1.0.0)

GEM
  remote: https://rubygems.org/
  specs:
    addressable (2.3.8)
    async_sinatra (1.1.0)
      rack (>= 1.4.1)
      sinatra (>= 1.3.2)
    capistrano (3.4.0)
      i18n
      rake (>= 10.0.0)
      sshkit (~> 1.3)
    capistrano-bundler (1.1.4)
      capistrano (~> 3.1)
      sshkit (~> 1.2)
    colorize (0.7.7)
    cookiejar (0.3.2)
    daemons (1.2.3)
    diff-lcs (1.2.5)
    docile (1.1.5)
    ejson (1.0.1)
    em-http-request (1.1.2)
      addressable (>= 2.3.4)
      cookiejar
      em-socksify (>= 0.3)
      eventmachine (>= 1.0.3)
      http_parser.rb (>= 0.6.0)
    em-socksify (0.3.1)
      eventmachine (>= 1.0.0.beta.4)
    em-synchrony (1.0.4)
      eventmachine (>= 1.0.0.beta.1)
    eventmachine (1.0.8)
    genesisreactor (0.0.2)
      async_sinatra (= 1.1.0)
      em-synchrony (= 1.0.4)
      snmp (= 1.2.0)
      thin (= 1.6.3)
    http_parser.rb (0.6.0)
    i18n (0.7.0)
    json (1.8.3)
    net-scp (1.2.1)
      net-ssh (>= 2.6.5)
    net-ssh (3.0.1)
    rack (1.6.4)
    rack-protection (1.5.3)
      rack
    rake (10.4.2)
    rspec (3.3.0)
      rspec-core (~> 3.3.0)
      rspec-expectations (~> 3.3.0)
      rspec-mocks (~> 3.3.0)
    rspec-core (3.3.2)
      rspec-support (~> 3.3.0)
    rspec-expectations (3.3.1)
      diff-lcs (>= 1.2.0, < 2.0)
      rspec-support (~> 3.3.0)
    rspec-mocks (3.3.2)
      diff-lcs (>= 1.2.0, < 2.0)
      rspec-support (~> 3.3.0)
    rspec-support (3.3.0)
    simplecov (0.10.0)
      docile (~> 1.1.0)
      json (~> 1.8)
      simplecov-html (~> 0.10.0)
    simplecov-html (0.10.0)
    sinatra (1.4.6)
      rack (~> 1.4)
      rack-protection (~> 1.4)
      tilt (>= 1.3, < 3)
    snmp (1.2.0)
    sshkit (1.7.1)
      colorize (>= 0.7.0)
      net-scp (>= 1.1.2)
      net-ssh (>= 2.8.0)
    thin (1.6.3)
      daemons (~> 1.0, >= 1.0.9)
      eventmachine (~> 1.0)
      rack (~> 1.0)
    tilt (2.0.1)

PLATFORMS
  ruby

DEPENDENCIES
  capistrano (~> 3.4)
  capistrano-bundler
  capistrano-ejson!
  em-http-request
  genesisreactor (~> 0.0.2)
  rspec
  simplecov

BUNDLED WITH
   1.10.6
